PATH
  remote: .
  specs:
    sidekiq-group (0.1.3)
      activesupport (>= 5.0)
      sidekiq (>= 5.1, < 6)

GEM
  remote: http://rubygems.org/
  remote: https://oss:fhv24QsMiVo3h9SWfrazGUQ6tuANB7Vz@gem.mutant.dev/
  specs:
    activesupport (5.2.4.3)
      concurrent-ruby (~> 1.0, >= 1.0.2)
      i18n (>= 0.7, < 2)
      minitest (~> 5.1)
      tzinfo (~> 1.1)
    ast (2.4.1)
    concurrent-ruby (1.1.9)
    connection_pool (2.2.5)
    diff-lcs (1.4.4)
    fakeredis (0.8.0)
      redis (~> 4.1)
    i18n (1.8.10)
      concurrent-ruby (~> 1.0)
    minitest (5.14.4)
    mutant (0.10.32)
      diff-lcs (~> 1.3)
      parser (~> 3.0.0)
      regexp_parser (~> 2.0, >= 2.0.3)
      unparser (~> 0.6.0)
    mutant-license (0.1.0)
    mutant-rspec (0.10.32)
      mutant (= 0.10.32)
      rspec-core (>= 3.8.0, < 4.0.0)
    parallel (1.20.1)
    parser (3.0.0.0)
      ast (~> 2.4.1)
    rack (2.0.9)
    rack-protection (2.1.0)
      rack
    rainbow (3.0.0)
    rake (13.0.3)
    redis (4.2.5)
    regexp_parser (2.0.3)
    rexml (3.2.4)
    rspec (3.10.0)
      rspec-core (~> 3.10.0)
      rspec-expectations (~> 3.10.0)
      rspec-mocks (~> 3.10.0)
    rspec-core (3.10.1)
      rspec-support (~> 3.10.0)
    rspec-expectations (3.10.1)
      diff-lcs (>= 1.2.0, < 2.0)
      rspec-support (~> 3.10.0)
    rspec-mocks (3.10.1)
      diff-lcs (>= 1.2.0, < 2.0)
      rspec-support (~> 3.10.0)
    rspec-support (3.10.1)
    rubocop (1.8.1)
      parallel (~> 1.10)
      parser (>= 3.0.0.0)
      rainbow (>= 2.2.2, < 4.0)
      regexp_parser (>= 1.8, < 3.0)
      rexml
      rubocop-ast (>= 1.2.0, < 2.0)
      ruby-progressbar (~> 1.7)
      unicode-display_width (>= 1.4.0, < 3.0)
    rubocop-ast (1.4.0)
      parser (>= 2.7.1.5)
    rubocop-performance (1.9.2)
      rubocop (>= 0.90.0, < 2.0)
      rubocop-ast (>= 0.4.0)
    rubocop-rake (0.5.1)
      rubocop
    rubocop-rspec (2.1.0)
      rubocop (~> 1.0)
      rubocop-ast (>= 1.1.0)
    ruby-progressbar (1.11.0)
    sidekiq (5.2.8)
      connection_pool (~> 2.2, >= 2.2.2)
      rack (< 2.1.0)
      rack-protection (>= 1.5.0)
      redis (>= 3.3.5, < 5)
    thread_safe (0.3.6)
    tzinfo (1.2.9)
      thread_safe (~> 0.1)
    unicode-display_width (2.0.0)
    unparser (0.6.0)
      diff-lcs (~> 1.3)
      parser (>= 3.0.0)

PLATFORMS
  ruby

DEPENDENCIES
  bundler (~> 2.0)
  fakeredis
  mutant (~> 0.10.32)
  mutant-license (= 0.1.0)!
  mutant-rspec (~> 0.10.32)
  rake (~> 13.0)
  regexp_parser (~> 2.0.3)
  rspec
  rubocop
  rubocop-performance
  rubocop-rake
  rubocop-rspec
  sidekiq-group!

BUNDLED WITH
   2.2.0.rc.1
